GEM
  remote: http://rubygems.org/
  specs:
    RedCloth (4.2.9)
    addressable (2.2.7)
    albino (1.3.3)
      posix-spawn (>= 0.3.6)
    classifier (1.3.3)
      fast-stemmer (>= 1.0.0)
    daemons (1.1.5)
    directory_watcher (1.4.1)
    eventmachine (0.12.10)
    fast-stemmer (1.0.0)
    haml (3.1.4)
    interact (0.4.1)
    jekyll (0.11.2)
      albino (~> 1.3)
      classifier (~> 1.3)
      directory_watcher (~> 1.1)
      kramdown (~> 0.13)
      liquid (~> 2.3)
      maruku (~> 0.5)
    json_pure (1.6.6)
    kramdown (0.13.4)
    liquid (2.3.0)
    maruku (0.6.0)
      syntax (>= 1.0.0)
    mime-types (1.18)
    posix-spawn (0.3.6)
    rack (1.4.0)
    rack-contrib (1.1.0)
      rack (>= 0.9.1)
    rest-client (1.6.7)
      mime-types (>= 1.16)
    rubyzip (0.9.6.1)
    syntax (1.0.0)
    terminal-table (1.4.5)
    thin (1.3.1)
      daemons (>= 1.0.9)
      eventmachine (>= 0.12.6)
      rack (>= 1.0.0)
    uuidtools (2.1.2)
    vmc (0.3.16.beta.5)
      addressable (~> 2.2.6)
      interact (~> 0.4.0)
      json_pure (>= 1.5.1, < 1.7.0)
      rest-client (>= 1.6.1, < 1.7.0)
      rubyzip (~> 0.9.4)
      terminal-table (~> 1.4.2)
      uuidtools (~> 2.1.0)

PLATFORMS
  ruby

DEPENDENCIES
  RedCloth
  haml
  jekyll
  maruku
  rack-contrib
  thin
  vmc (~> 0.3.16.beta.5)
